GEM
  remote: https://rubygems.org/
  specs:
    aws-sdk (2.0.38)
      aws-sdk-resources (= 2.0.38)
    aws-sdk-core (2.0.38)
      builder (~> 3.0)
      jmespath (~> 1.0)
      multi_json (~> 1.0)
    aws-sdk-resources (2.0.38)
      aws-sdk-core (= 2.0.38)
    backports (3.6.4)
    builder (3.2.2)
    foreman (0.78.0)
      thor (~> 0.19.1)
    jmespath (1.0.2)
      multi_json (~> 1.0)
    multi_json (1.11.1)
    rack (1.6.4)
    rack-protection (1.5.3)
      rack
    rack-test (0.6.3)
      rack (>= 1.0)
    sinatra (1.4.6)
      rack (~> 1.4)
      rack-protection (~> 1.4)
      tilt (>= 1.3, < 3)
    sinatra-contrib (1.4.4)
      backports (>= 2.0)
      multi_json
      rack-protection
      rack-test
      sinatra (~> 1.4.0)
      tilt (>= 1.3, < 3)
    thor (0.19.1)
    tilt (2.0.1)

PLATFORMS
  ruby

DEPENDENCIES
  aws-sdk (~> 2.0)!
  foreman!
  sinatra!
  sinatra-contrib!

BUNDLED WITH
   1.10.4
